GEM
  remote: https://rubygems.org/
  specs:
    puma (2.6.0)
      rack (>= 1.1, < 2.0)
    rack (1.6.0)
    rack-protection (1.5.3)
      rack
    simpler-tiles (0.2.1)
    sinatra (1.4.5)
      rack (~> 1.4)
      rack-protection (~> 1.4)
      tilt (~> 1.3, >= 1.3.4)
    tilt (1.4.1)

PLATFORMS
  ruby

DEPENDENCIES
  puma (~> 2.6.0)
  simpler-tiles (~> 0.2)
  sinatra
  tilt (~> 1.4.1)
